PATH
  remote: .
  specs:
    mince (0.0.4)
      activesupport (~> 3.0)
      bson_ext (~> 1.5.2)
      mongo (~> 1.5.2)

GEM
  remote: http://rubygems.org/
  specs:
    activesupport (3.2.3)
      i18n (~> 0.6)
      multi_json (~> 1.0)
    bson (1.5.2)
    bson_ext (1.5.2)
      bson (= 1.5.2)
    diff-lcs (1.1.3)
    i18n (0.6.0)
    mongo (1.5.2)
      bson (= 1.5.2)
    multi_json (1.2.0)
    rake (0.8.7)
    rspec (2.8.0.rc1)
      rspec-core (= 2.8.0.rc1)
      rspec-expectations (= 2.8.0.rc1)
      rspec-mocks (= 2.8.0.rc1)
    rspec-core (2.8.0.rc1)
    rspec-expectations (2.8.0.rc1)
      diff-lcs (~> 1.1.2)
    rspec-mocks (2.8.0.rc1)

PLATFORMS
  ruby

DEPENDENCIES
  mince!
  rake
  rspec
